PATH
  remote: .
  specs:
    zendesk_apps_support (0.0.1)
      i18n
      jshintrb (= 0.1.6)
      multi_json
      rubyzip (~> 0.9.1)

GEM
  remote: https://rubygems.org/
  specs:
    diff-lcs (1.1.3)
    execjs (1.4.0)
      multi_json (~> 1.0)
    i18n (0.6.1)
    jshintrb (0.1.6)
      execjs
      multi_json (>= 1.3)
      rake
    multi_json (1.3.7)
    rake (10.0.2)
    rspec (2.12.0)
      rspec-core (~> 2.12.0)
      rspec-expectations (~> 2.12.0)
      rspec-mocks (~> 2.12.0)
    rspec-core (2.12.0)
    rspec-expectations (2.12.0)
      diff-lcs (~> 1.1.3)
    rspec-mocks (2.12.0)
    rubyzip (0.9.9)

PLATFORMS
  ruby

DEPENDENCIES
  rspec
  zendesk_apps_support!
