PATH
  remote: .
  specs:
    zendesk_apps_support (1.3.0)
      erubis
      i18n
      jshintrb (= 0.1.6)
      multi_json
      sass

GEM
  remote: https://rubygems.org/
  specs:
    bump (0.4.2)
    diff-lcs (1.1.3)
    erubis (2.7.0)
    execjs (2.0.1)
    i18n (0.6.5)
    jshintrb (0.1.6)
      execjs
      multi_json (>= 1.3)
      rake
    multi_json (1.7.9)
    rake (10.1.0)
    rspec (2.12.0)
      rspec-core (~> 2.12.0)
      rspec-expectations (~> 2.12.0)
      rspec-mocks (~> 2.12.0)
    rspec-core (2.12.0)
    rspec-expectations (2.12.0)
      diff-lcs (~> 1.1.3)
    rspec-mocks (2.12.0)
    sass (3.2.10)

PLATFORMS
  ruby

DEPENDENCIES
  bump (~> 0.4.0)
  rspec
  zendesk_apps_support!
