PATH
  remote: .
  specs:
    zendesk_apps_support (1.15.0)
      erubis
      i18n
      image_size
      jshintrb (= 0.2.4)
      json
      json-stream
      multi_json
      sass

GEM
  remote: https://rubygems.org/
  specs:
    bump (0.4.2)
    diff-lcs (1.1.3)
    erubis (2.7.0)
    execjs (2.0.2)
    i18n (0.6.9)
    image_size (1.2.0)
    jshintrb (0.2.4)
      execjs
      multi_json (>= 1.3)
      rake
    json (1.8.1)
    json-stream (0.1.3)
    multi_json (1.9.2)
    rake (10.2.2)
    rspec (2.12.0)
      rspec-core (~> 2.12.0)
      rspec-expectations (~> 2.12.0)
      rspec-mocks (~> 2.12.0)
    rspec-core (2.12.0)
    rspec-expectations (2.12.0)
      diff-lcs (~> 1.1.3)
    rspec-mocks (2.12.0)
    sass (3.3.4)

PLATFORMS
  ruby

DEPENDENCIES
  bump (~> 0.4.0)
  json-stream
  rspec
  zendesk_apps_support!
