PATH
  remote: .
  specs:
    zendesk_apps_support (4.29.7)
      erubis
      i18n
      image_size (~> 2.0.2)
      ipaddress_2 (~> 0.13.0)
      json
      loofah (~> 2.3.1)
      mimemagic (~> 0.3.3)
      nokogiri (>= 1.8.5, < 1.11.0)
      rb-inotify (= 0.9.10)
      sass
      sassc

GEM
  remote: https://rubygems.org/
  specs:
    ast (2.4.0)
    bump (0.5.4)
    byebug (9.0.6)
    crass (1.0.6)
    diff-lcs (1.3)
    erubis (2.7.0)
    faker (1.6.6)
      i18n (~> 0.5)
    ffi (1.14.2)
    i18n (0.7.0)
    image_size (2.0.2)
    ipaddress_2 (0.13.0)
    json (2.5.1)
    loofah (2.3.1)
      crass (~> 1.0.2)
      nokogiri (>= 1.5.9)
    mimemagic (0.3.5)
    mini_portile2 (2.4.0)
    nokogiri (1.10.10)
      mini_portile2 (~> 2.4.0)
    parallel (1.12.1)
    parser (2.5.0.2)
      ast (~> 2.4.0)
    powerpack (0.1.1)
    rainbow (2.2.2)
      rake
    rake (13.0.3)
    rb-fsevent (0.10.4)
    rb-inotify (0.9.10)
      ffi (>= 0.5.0, < 2)
    rspec (3.4.0)
      rspec-core (~> 3.4.0)
      rspec-expectations (~> 3.4.0)
      rspec-mocks (~> 3.4.0)
    rspec-core (3.4.4)
      rspec-support (~> 3.4.0)
    rspec-expectations (3.4.0)
      diff-lcs (>= 1.2.0, < 2.0)
      rspec-support (~> 3.4.0)
    rspec-mocks (3.4.1)
      diff-lcs (>= 1.2.0, < 2.0)
      rspec-support (~> 3.4.0)
    rspec-support (3.4.1)
    rubocop (0.49.1)
      parallel (~> 1.10)
      parser (>= 2.3.3.1, < 3.0)
      powerpack (~> 0.1)
      rainbow (>= 1.99.1, < 3.0)
      ruby-progressbar (~> 1.7)
      unicode-display_width (~> 1.0, >= 1.0.1)
    ruby-progressbar (1.9.0)
    sass (3.7.4)
      sass-listen (~> 4.0.0)
    sass-listen (4.0.0)
      rb-fsevent (~> 0.9, >= 0.9.4)
      rb-inotify (~> 0.9, >= 0.9.7)
    sassc (2.4.0)
      ffi (~> 1.9)
    unicode-display_width (1.3.0)

PLATFORMS
  ruby

DEPENDENCIES
  bump (~> 0.5.1)
  bundler (= 1.17.3)
  byebug (~> 9.0.6)
  faker (~> 1.6.6)
  rspec (~> 3.4.0)
  rubocop (~> 0.49.0)
  zendesk_apps_support!

BUNDLED WITH
   1.17.3
