PATH
  remote: .
  specs:
    zendesk_apps_support (1.28.0)
      babel-transpiler
      erubis
      i18n
      image_size
      jshintrb (~> 0.3.0)
      json
      json-stream
      sass
      therubyracer

GEM
  remote: https://rubygems.org/
  specs:
    babel-source (5.8.35)
    babel-transpiler (0.7.0)
      babel-source (>= 4.0, < 6)
      execjs (~> 2.0)
    bump (0.5.2)
    byebug (6.0.2)
    diff-lcs (1.2.5)
    erubis (2.7.0)
    execjs (2.6.0)
    i18n (0.7.0)
    image_size (1.4.2)
    jshintrb (0.3.0)
      execjs
      multi_json (>= 1.3)
      rake
    json (1.8.3)
    json-stream (0.2.1)
    libv8 (3.16.14.13)
    multi_json (1.11.2)
    rake (11.1.2)
    ref (2.0.0)
    rspec (3.4.0)
      rspec-core (~> 3.4.0)
      rspec-expectations (~> 3.4.0)
      rspec-mocks (~> 3.4.0)
    rspec-core (3.4.1)
      rspec-support (~> 3.4.0)
    rspec-expectations (3.4.0)
      diff-lcs (>= 1.2.0, < 2.0)
      rspec-support (~> 3.4.0)
    rspec-mocks (3.4.1)
      diff-lcs (>= 1.2.0, < 2.0)
      rspec-support (~> 3.4.0)
    rspec-support (3.4.1)
    sass (3.4.22)
    therubyracer (0.12.2)
      libv8 (~> 3.16.14.0)
      ref

PLATFORMS
  ruby

DEPENDENCIES
  bump (~> 0.5.1)
  byebug
  rspec (~> 3.4.0)
  zendesk_apps_support!

BUNDLED WITH
   1.11.2
