PATH
  remote: .
  specs:
    zendesk_apps_support (1.29.0)
      erubis
      eslintrb (~> 2.0.2)
      i18n
      image_size
      json
      json-stream
      sass

GEM
  remote: https://rubygems.org/
  specs:
    bump (0.5.2)
    byebug (6.0.2)
    diff-lcs (1.2.5)
    erubis (2.7.0)
    eslintrb (2.0.3)
      execjs
      multi_json (>= 1.3)
      rake
    execjs (2.6.0)
    i18n (0.7.0)
    image_size (1.4.2)
    json (1.8.3)
    json-stream (0.2.1)
    multi_json (1.11.2)
    rake (11.1.2)
    rspec (3.4.0)
      rspec-core (~> 3.4.0)
      rspec-expectations (~> 3.4.0)
      rspec-mocks (~> 3.4.0)
    rspec-core (3.4.1)
      rspec-support (~> 3.4.0)
    rspec-expectations (3.4.0)
      diff-lcs (>= 1.2.0, < 2.0)
      rspec-support (~> 3.4.0)
    rspec-mocks (3.4.1)
      diff-lcs (>= 1.2.0, < 2.0)
      rspec-support (~> 3.4.0)
    rspec-support (3.4.1)
    sass (3.4.22)

PLATFORMS
  ruby

DEPENDENCIES
  bump (~> 0.5.1)
  byebug
  eslintrb
  rspec (~> 3.4.0)
  zendesk_apps_support!

BUNDLED WITH
   1.11.2
