PATH
  remote: .
  specs:
    zendesk_apps_support (1.18.1)
      erubis
      execjs
      i18n
      image_size
      jshintrb (~> 0.2.4)
      json
      json-stream
      sass

GEM
  remote: https://rubygems.org/
  specs:
    bump (0.5.2)
    byebug (4.0.4)
      columnize (= 0.9.0)
    columnize (0.9.0)
    diff-lcs (1.2.5)
    erubis (2.7.0)
    execjs (2.5.2)
    i18n (0.7.0)
    image_size (1.4.1)
    jshintrb (0.2.4)
      execjs
      multi_json (>= 1.3)
      rake
    json (1.8.2)
    json-stream (0.2.1)
    multi_json (1.11.0)
    rake (10.4.2)
    rspec (3.1.0)
      rspec-core (~> 3.1.0)
      rspec-expectations (~> 3.1.0)
      rspec-mocks (~> 3.1.0)
    rspec-core (3.1.7)
      rspec-support (~> 3.1.0)
    rspec-expectations (3.1.2)
      diff-lcs (>= 1.2.0, < 2.0)
      rspec-support (~> 3.1.0)
    rspec-mocks (3.1.3)
      rspec-support (~> 3.1.0)
    rspec-support (3.1.2)
    sass (3.4.13)

PLATFORMS
  ruby

DEPENDENCIES
  bump (~> 0.5.1)
  byebug
  rspec (~> 3.1.0)
  zendesk_apps_support!
