PATH
  remote: .
  specs:
    zendesk_apps_support (3.4.3)
      erubis
      i18n
      image_size
      jshintrb (~> 0.3.0)
      json
      sass
      sassc (~> 1.11.2)

GEM
  remote: https://rubygems.org/
  specs:
    ast (2.3.0)
    bump (0.5.3)
    byebug (9.0.5)
    diff-lcs (1.2.5)
    erubis (2.7.0)
    execjs (2.7.0)
    faker (1.6.6)
      i18n (~> 0.5)
    ffi (1.9.18)
    i18n (0.7.0)
    image_size (1.5.0)
    jshintrb (0.3.0)
      execjs
      multi_json (>= 1.3)
      rake
    json (2.1.0)
    multi_json (1.12.1)
    parser (2.3.3.0)
      ast (~> 2.2)
    powerpack (0.1.1)
    rainbow (2.1.0)
    rake (12.0.0)
    rspec (3.4.0)
      rspec-core (~> 3.4.0)
      rspec-expectations (~> 3.4.0)
      rspec-mocks (~> 3.4.0)
    rspec-core (3.4.4)
      rspec-support (~> 3.4.0)
    rspec-expectations (3.4.0)
      diff-lcs (>= 1.2.0, < 2.0)
      rspec-support (~> 3.4.0)
    rspec-mocks (3.4.1)
      diff-lcs (>= 1.2.0, < 2.0)
      rspec-support (~> 3.4.0)
    rspec-support (3.4.1)
    rubocop (0.46.0)
      parser (>= 2.3.1.1, < 3.0)
      powerpack (~> 0.1)
      rainbow (>= 1.99.1, < 3.0)
      ruby-progressbar (~> 1.7)
      unicode-display_width (~> 1.0, >= 1.0.1)
    ruby-progressbar (1.8.1)
    sass (3.4.24)
    sassc (1.11.2)
      bundler
      ffi (~> 1.9.6)
      sass (>= 3.3.0)
    unicode-display_width (1.1.1)

PLATFORMS
  ruby

DEPENDENCIES
  bump (~> 0.5.1)
  byebug
  faker (~> 1.6.6)
  rspec (~> 3.4.0)
  rubocop (~> 0.46.0)
  zendesk_apps_support!

BUNDLED WITH
   1.15.1
